GEM
  remote: https://rubygems.org/
  specs:
    dnsimple (2.0.0.alpha5)
      httparty
    httparty (0.13.5)
      json (~> 1.8)
      multi_xml (>= 0.5.2)
    json (1.8.3)
    multi_xml (0.5.5)

PLATFORMS
  ruby

DEPENDENCIES
  dnsimple

BUNDLED WITH
   1.10.2
